PATH
  remote: .
  specs:
    minimal-devices (0.5.2)

GEM
  remote: https://rubygems.org/
  specs:
    rake (10.0.4)

PLATFORMS
  ruby

DEPENDENCIES
  bundler (~> 1.3)
  minimal-devices!
  rake
